GEM
  remote: http://rubygems.org/
  specs:
    activemodel (5.1.1)
      activesupport (= 5.1.1)
    activesupport (5.1.1)
      concurrent-ruby (~> 1.0, >= 1.0.2)
      i18n (~> 0.7)
      minitest (~> 5.1)
      tzinfo (~> 1.1)
    awesome_print (1.7.0)
    bson (4.2.1)
    concurrent-ruby (1.0.5)
    i18n (0.8.4)
    json (2.1.0)
    json_builder (3.1.7)
      activesupport (>= 2.0.0)
      json
    mini_portile2 (2.2.0)
    minitest (5.10.2)
    mongo (2.4.2)
      bson (>= 4.2.1, < 5.0.0)
    mongoid (6.2.0)
      activemodel (~> 5.1)
      mongo (>= 2.4.1, < 3.0.0)
    mustermann (1.0.0)
    nokogiri (1.8.0)
      mini_portile2 (~> 2.2.0)
    rack (2.0.3)
    rack-contrib (1.2.0)
      rack (>= 0.9.1)
    rack-protection (2.0.0)
      rack
    rake (12.0.0)
    sinatra (2.0.0)
      mustermann (~> 1.0)
      rack (~> 2.0)
      rack-protection (= 2.0.0)
      tilt (~> 2.0)
    thread_safe (0.3.6)
    tilt (2.0.7)
    tzinfo (1.2.3)
      thread_safe (~> 0.1)

PLATFORMS
  ruby

DEPENDENCIES
  awesome_print
  json_builder
  mongoid
  nokogiri
  rack-contrib
  rake
  sinatra

BUNDLED WITH
   1.13.6
